PATH
  remote: .
  specs:
    aws_sam_yarn_builder (0.1.1)
      activesupport (~> 5.2.2)
      slop (~> 4.6.0)

GEM
  remote: https://rubygems.org/
  specs:
    activesupport (5.2.2)
      concurrent-ruby (~> 1.0, >= 1.0.2)
      i18n (>= 0.7, < 2)
      minitest (~> 5.1)
      tzinfo (~> 1.1)
    coderay (1.1.2)
    concurrent-ruby (1.1.4)
    i18n (1.4.0)
      concurrent-ruby (~> 1.0)
    method_source (0.9.2)
    minitest (5.11.3)
    pry (0.12.2)
      coderay (~> 1.1.0)
      method_source (~> 0.9.0)
    rake (10.5.0)
    slop (4.6.2)
    thread_safe (0.3.6)
    tzinfo (1.2.5)
      thread_safe (~> 0.1)

PLATFORMS
  ruby

DEPENDENCIES
  aws_sam_yarn_builder!
  bundler (~> 1.16)
  pry
  rake (~> 10.0)

BUNDLED WITH
   1.16.1
