PATH
  remote: .
  specs:
    aws-sam-yarn-builder (0.1.0)
      activesupport (~> 5.2.1)
      slop (~> 4.6.0)

GEM
  remote: https://rubygems.org/
  specs:
    activesupport (5.2.2)
      concurrent-ruby (~> 1.0, >= 1.0.2)
      i18n (>= 0.7, < 2)
      minitest (~> 5.1)
      tzinfo (~> 1.1)
    concurrent-ruby (1.1.4)
    i18n (1.2.0)
      concurrent-ruby (~> 1.0)
    minitest (5.11.3)
    rake (10.5.0)
    slop (4.6.2)
    thread_safe (0.3.6)
    tzinfo (1.2.5)
      thread_safe (~> 0.1)

PLATFORMS
  ruby

DEPENDENCIES
  aws-sam-yarn-builder!
  bundler (~> 1.16)
  rake (~> 10.0)

BUNDLED WITH
   1.16.1
